GEM
  specs:
    watchr (0.7)

PLATFORMS
  ruby

DEPENDENCIES
  watchr
